NUGET
  remote: https://nuget.org/api/v2
  specs:
    Pester (3.3.8)
  remote: https://teamcity.unic.com/httpAuth/app/nuget/v1/FeedService.svc
  specs:
    Unic.Bob.Config (1.1.0-scmbob407invokenewwi)
    Unic.Bob.Keith (1.2.0-unstable0003)
    Unic.Bob.Skip (1.0.0)
