NUGET
  remote: https://www.nuget.org/api/v2
  specs:
    Pester (4.0.8)
    Unic.Bob.Wendy (3.0.1)
    Unic.Bob.Keith (2.0.1)
    Unic.Bob.Rubble (3.0.1)
    Unic.Bob.Skip (3.0.0)
