NUGET
  remote: https://nuget.org/api/v2
  specs:
    Pester (3.2.0)
  remote: https://teamcity.unic.com/httpAuth/app/nuget/v1/FeedService.svc
  specs:
    Unic.Bob.Config (0.1.0)
    Unic.Bob.Keith (0.2.0)
